PATH
  remote: .
  specs:
    pdf-forms (0.6.0)
      cliver (~> 0.3.2)

GEM
  remote: https://rubygems.org/
  specs:
    cliver (0.3.2)
    minitest (5.7.0)
    rake (10.4.2)

PLATFORMS
  ruby

DEPENDENCIES
  bundler (>= 1.7)
  minitest
  pdf-forms!
  rake (~> 10.0)
