PATH
  remote: .
  specs:
    pdf-forms (0.4.4)

GEM
  remote: http://rubygems.org/
  specs:
    coderay (1.0.7)
    method_source (0.8)
    pry (0.9.10)
      coderay (~> 1.0.5)
      method_source (~> 0.8)
      slop (~> 3.3.1)
    pry-nav (0.2.2)
      pry (~> 0.9.10)
    rake (0.9.2.2)
    slop (3.3.2)

PLATFORMS
  ruby

DEPENDENCIES
  pdf-forms!
  pry (> 0.0)
  pry-nav (> 0.0)
  rake
