PATH
  remote: .
  specs:
    pdf-forms (0.5.5)

GEM
  remote: https://rubygems.org/
  specs:
    rake (0.9.2.2)

PLATFORMS
  ruby

DEPENDENCIES
  pdf-forms!
  rake
