PATH
  remote: .
  specs:
    pdf-forms (0.6.1)
      cliver (~> 0.3.2)
      safe_shell (>= 1.0.3, < 2.0)

GEM
  remote: https://rubygems.org/
  specs:
    cliver (0.3.2)
    minitest (5.7.0)
    rake (10.4.2)
    safe_shell (1.0.3)

PLATFORMS
  ruby

DEPENDENCIES
  bundler (>= 1.7)
  minitest
  pdf-forms!
  rake (~> 10.0)

BUNDLED WITH
   1.10.6
