PATH
  remote: .
  specs:
    pdf-forms (0.6.0)
      cliver (~> 0.3.2)

GEM
  remote: https://rubygems.org/
  specs:
    cliver (0.3.2)
    rake (0.9.2.2)

PLATFORMS
  ruby

DEPENDENCIES
  pdf-forms!
  rake
